GEM
  remote: http://rubygems.org/
  specs:
    bond (0.4.1)
    highline (1.6.11)
    redgreen (1.2.2)
    ripl (0.6.1)
      bond (~> 0.4.0)
    ripl-color_result (0.4.1)
      ripl (>= 0.4.1)
      wirb (>= 0.4.0)
    ripl-color_streams (0.1.2)
      ripl (>= 0.2.8)
    ripl-multi_line (0.3.0)
      ripl (>= 0.3.6)
    ripl-rc (0.2.4)
      ripl (>= 0.4.1)
    ruby-oci8 (2.1.0)
    terminal-table (1.4.4)
    watchr (0.7)
    wirb (0.4.1)

PLATFORMS
  ruby

DEPENDENCIES
  highline
  redgreen
  ripl
  ripl-color_result
  ripl-color_streams
  ripl-multi_line
  ripl-rc
  ruby-oci8
  terminal-table
  watchr
